GEM
  remote: https://rubygems.org/
  specs:

PLATFORMS
  x86_64-darwin-20

DEPENDENCIES

RUBY VERSION
   ruby 2.7.3p183

BUNDLED WITH
   2.2.17
